PATH
  remote: .
  specs:
    oydid (0.0.2)
      multibases (~> 0.3.2)

GEM
  remote: https://rubygems.org/
  specs:
    benchmark-ips (2.9.3)
    byebug (11.1.3)
    diff-lcs (1.5.0)
    docile (1.4.0)
    multibases (0.3.2)
    rake (13.0.6)
    rspec (3.10.0)
      rspec-core (~> 3.10.0)
      rspec-expectations (~> 3.10.0)
      rspec-mocks (~> 3.10.0)
    rspec-core (3.10.2)
      rspec-support (~> 3.10.0)
    rspec-expectations (3.10.2)
      diff-lcs (>= 1.2.0, < 2.0)
      rspec-support (~> 3.10.0)
    rspec-mocks (3.10.3)
      diff-lcs (>= 1.2.0, < 2.0)
      rspec-support (~> 3.10.0)
    rspec-support (3.10.3)
    simplecov (0.21.2)
      docile (~> 1.1)
      simplecov-html (~> 0.11)
      simplecov_json_formatter (~> 0.1)
    simplecov-html (0.12.3)
    simplecov-lcov (0.8.0)
    simplecov_json_formatter (0.1.3)

PLATFORMS
  -darwin-21

DEPENDENCIES
  benchmark-ips
  byebug
  oydid!
  rake
  rspec (~> 3.10)
  simplecov (~> 0.21)
  simplecov-lcov (~> 0.8)

BUNDLED WITH
   2.2.31
