PATH
  remote: .
  specs:
    oydid (0.0.2)
      ed25519 (~> 1.3.0)
      json-canonicalization (~> 0.2.1)
      multibases (~> 0.3.2)
      multicodecs (~> 0.2.1)
      multihashes (~> 0.2.0)
      rbnacl (~> 7.1.1)

GEM
  remote: https://rubygems.org/
  specs:
    benchmark-ips (2.9.3)
    byebug (11.1.3)
    diff-lcs (1.5.0)
    docile (1.4.0)
    ed25519 (1.3.0)
    ffi (1.15.5)
    json-canonicalization (0.2.1)
    multibases (0.3.2)
    multicodecs (0.2.1)
    multihashes (0.2.0)
      multicodecs (>= 0.2.0, < 1)
    rake (13.0.6)
    rbnacl (7.1.1)
      ffi
    rspec (3.10.0)
      rspec-core (~> 3.10.0)
      rspec-expectations (~> 3.10.0)
      rspec-mocks (~> 3.10.0)
    rspec-core (3.10.2)
      rspec-support (~> 3.10.0)
    rspec-expectations (3.10.2)
      diff-lcs (>= 1.2.0, < 2.0)
      rspec-support (~> 3.10.0)
    rspec-mocks (3.10.3)
      diff-lcs (>= 1.2.0, < 2.0)
      rspec-support (~> 3.10.0)
    rspec-support (3.10.3)
    simplecov (0.21.2)
      docile (~> 1.1)
      simplecov-html (~> 0.11)
      simplecov_json_formatter (~> 0.1)
    simplecov-html (0.12.3)
    simplecov-lcov (0.8.0)
    simplecov_json_formatter (0.1.3)
    webrick (1.7.0)
    yard (0.9.27)
      webrick (~> 1.7.0)

PLATFORMS
  ruby

DEPENDENCIES
  benchmark-ips
  byebug
  oydid!
  rake
  rspec (~> 3.10)
  simplecov (~> 0.21)
  simplecov-lcov (~> 0.8)
  yard (~> 0.9)

BUNDLED WITH
   1.17.3
